PATH
  remote: .
  specs:
    hydra (0.23.3)
      rake (= 0.8.7)
      test-unit

GEM
  remote: http://rubygems.org/
  specs:
    builder (2.1.2)
    cucumber (0.9.2)
      builder (~> 2.1.2)
      diff-lcs (~> 1.1.2)
      gherkin (~> 2.2.5)
      json (~> 1.4.6)
      term-ansicolor (~> 1.0.5)
    diff-lcs (1.1.2)
    gherkin (2.2.9)
      json (~> 1.4.6)
      term-ansicolor (~> 1.0.5)
    json (1.4.6)
    rake (0.8.7)
    rspec (2.6.0)
      rspec-core (~> 2.6.0)
      rspec-expectations (~> 2.6.0)
      rspec-mocks (~> 2.6.0)
    rspec-core (2.6.4)
    rspec-expectations (2.6.0)
      diff-lcs (~> 1.1.2)
    rspec-mocks (2.6.0)
    shoulda (2.10.3)
    term-ansicolor (1.0.6)
    test-unit (2.3.2)
    therubyracer (0.7.4)

PLATFORMS
  ruby

DEPENDENCIES
  cucumber (= 0.9.2)
  hydra!
  rake (= 0.8.7)
  rspec (~> 2.6.0)
  rspec-core (= 2.6.4)
  shoulda (= 2.10.3)
  test-unit
  therubyracer (= 0.7.4)
